GEM
  remote: https://rubygems.org/
  specs:
    actionview (6.0.0)
      activesupport (= 6.0.0)
      builder (~> 3.1)
      erubi (~> 1.4)
      rails-dom-testing (~> 2.0)
      rails-html-sanitizer (~> 1.1, >= 1.2.0)
    activesupport (6.0.0)
      concurrent-ruby (~> 1.0, >= 1.0.2)
      i18n (>= 0.7, < 2)
      minitest (~> 5.1)
      tzinfo (~> 1.1)
      zeitwerk (~> 2.1, >= 2.1.8)
    aws-eventstream (1.0.3)
    aws-sdk (2.11.349)
      aws-sdk-resources (= 2.11.349)
    aws-sdk-core (2.11.349)
      aws-sigv4 (~> 1.0)
      jmespath (~> 1.0)
    aws-sdk-resources (2.11.349)
      aws-sdk-core (= 2.11.349)
    aws-sigv4 (1.1.0)
      aws-eventstream (~> 1.0, >= 1.0.2)
    builder (3.2.3)
    byebug (11.0.1)
    cf-app-utils (0.6)
    coderay (1.1.2)
    concurrent-ruby (1.1.5)
    crass (1.0.4)
    diff-lcs (1.3)
    docile (1.3.2)
    dotenv (2.7.5)
    elasticsearch (5.0.5)
      elasticsearch-api (= 5.0.5)
      elasticsearch-transport (= 5.0.5)
    elasticsearch-api (5.0.5)
      multi_json
    elasticsearch-transport (5.0.5)
      faraday
      multi_json
    enumerable-lazy (0.0.2)
    erubi (1.8.0)
    erubis (2.7.0)
    ethon (0.12.0)
      ffi (>= 1.3.0)
    excon (0.66.0)
    faraday (0.15.4)
      multipart-post (>= 1.2, < 3)
    ffi (1.11.1)
    hashie (3.6.0)
    i18n (0.9.5)
      concurrent-ruby (~> 1.0)
    jmespath (1.4.0)
    json (2.2.0)
    liquid (3.0.3)
    liquify (0.2.7)
      liquid (>= 2.2.2)
    loofah (2.2.3)
      crass (~> 1.0.2)
      nokogiri (>= 1.5.9)
    mail (2.7.1)
      mini_mime (>= 0.1.1)
    method_source (0.9.2)
    mime-types (2.99.3)
    mini_mime (1.0.2)
    mini_portile2 (2.4.0)
    minitest (5.11.3)
    moneta (0.8.1)
    multi_json (1.13.1)
    multipart-post (2.1.1)
    mustermann19 (0.4.4)
      enumerable-lazy
    newrelic_rpm (6.6.0.358)
    nio4r (2.5.1)
    nokogiri (1.10.4)
      mini_portile2 (~> 2.4.0)
    oj (3.9.1)
    padrino (0.13.3.4)
      padrino-admin (= 0.13.3.4)
      padrino-cache (= 0.13.3.4)
      padrino-core (= 0.13.3.4)
      padrino-gen (= 0.13.3.4)
      padrino-helpers (= 0.13.3.4)
      padrino-mailer (= 0.13.3.4)
      padrino-support (= 0.13.3.4)
    padrino-admin (0.13.3.4)
      padrino-core (= 0.13.3.4)
      padrino-helpers (= 0.13.3.4)
    padrino-cache (0.13.3.4)
      moneta (~> 0.8.0)
      padrino-core (= 0.13.3.4)
      padrino-helpers (= 0.13.3.4)
    padrino-core (0.13.3.4)
      activesupport (>= 3.1)
      mustermann19
      padrino-support (= 0.13.3.4)
      rack-protection (>= 1.5.0)
      sinatra (>= 1.4.6, < 2)
      thor (~> 0.18)
    padrino-gen (0.13.3.4)
      bundler (~> 1.0)
      padrino-core (= 0.13.3.4)
    padrino-helpers (0.13.3.4)
      i18n (~> 0.6, >= 0.6.7)
      padrino-support (= 0.13.3.4)
      tilt (>= 1.4.1, < 3)
    padrino-mailer (0.13.3.4)
      mail (~> 2.5)
      mime-types (< 3)
      padrino-core (= 0.13.3.4)
    padrino-support (0.13.3.4)
      activesupport (>= 3.1)
    parallel (1.17.0)
    parslet (1.8.2)
    pry (0.12.2)
      coderay (~> 1.1.0)
      method_source (~> 0.9.0)
    pry-byebug (3.7.0)
      byebug (~> 11.0)
      pry (~> 0.10)
    puma (4.1.0)
      nio4r (~> 2.0)
    rack (1.6.11)
    rack-protection (1.5.5)
      rack
    rack-test (1.1.0)
      rack (>= 1.0, < 3)
    rails-dom-testing (2.0.3)
      activesupport (>= 4.2.0)
      nokogiri (>= 1.6)
    rails-html-sanitizer (1.2.0)
      loofah (~> 2.2, >= 2.2.2)
    rake (12.3.3)
    rb-fsevent (0.10.3)
    rb-inotify (0.10.0)
      ffi (~> 1.0)
    rspec (3.8.0)
      rspec-core (~> 3.8.0)
      rspec-expectations (~> 3.8.0)
      rspec-mocks (~> 3.8.0)
    rspec-core (3.8.2)
      rspec-support (~> 3.8.0)
    rspec-expectations (3.8.4)
      diff-lcs (>= 1.2.0, < 2.0)
      rspec-support (~> 3.8.0)
    rspec-mocks (3.8.1)
      diff-lcs (>= 1.2.0, < 2.0)
      rspec-support (~> 3.8.0)
    rspec-support (3.8.2)
    rspec_junit_formatter (0.4.1)
      rspec-core (>= 2, < 4, != 2.12.0)
    ruby-prof (1.0.0)
    safe_yaml (1.0.5)
    sass (3.7.4)
      sass-listen (~> 4.0.0)
    sass-listen (4.0.0)
      rb-fsevent (~> 0.9, >= 0.9.4)
      rb-inotify (~> 0.9, >= 0.9.7)
    simplecov (0.17.1)
      docile (~> 1.1)
      json (>= 1.8, < 3)
      simplecov-html (~> 0.10.0)
    simplecov-html (0.10.2)
    sinatra (1.4.8)
      rack (~> 1.5)
      rack-protection (~> 1.4)
      tilt (>= 1.3, < 3)
    stretchy (0.7.0)
      elasticsearch (~> 5.0)
      excon (~> 0.45)
    thor (0.20.3)
    thread_safe (0.3.6)
    tilt (2.0.9)
    typhoeus (1.3.1)
      ethon (>= 0.9.0)
    tzinfo (1.2.5)
      thread_safe (~> 0.1)
    zeitwerk (2.1.10)

PLATFORMS
  ruby

DEPENDENCIES
  actionview
  aws-sdk (~> 2)
  cf-app-utils
  dotenv
  elasticsearch
  erubis
  hashie
  liquid (= 3.0.3)
  liquify
  newrelic_rpm
  oj
  padrino (= 0.13.3.4)
  parallel
  parslet
  pry
  pry-byebug
  puma
  rack-test
  rake
  rspec
  rspec-mocks
  rspec_junit_formatter
  ruby-prof
  safe_yaml
  sass
  simplecov
  stretchy
  typhoeus

RUBY VERSION
   ruby 2.6.3p62

BUNDLED WITH
   1.17.2
